GEM
  remote: https://rubygems.org/
  specs:
    mini_portile (0.6.2)
    nokogiri (1.6.6.2)
      mini_portile (~> 0.6.0)
    parallel (1.4.1)
    ruby-progressbar (1.5.1)

PLATFORMS
  ruby

DEPENDENCIES
  nokogiri
  parallel
  ruby-progressbar
